GEM
  remote: https://rubygems.org/
  specs:
    animation (0.1.alpha.3)
      compass (>= 0.12.0)
      sass (>= 3.2.0.alpha.95)
    chunky_png (1.2.9)
    compass (0.12.2)
      chunky_png (~> 1.2)
      fssm (>= 0.2.7)
      sass (~> 3.1)
    compass-placeholder (0.0.2)
      compass (>= 0.11)
    fssm (0.2.10)
    sass (3.2.1)

PLATFORMS
  ruby

DEPENDENCIES
  animation
  compass
  compass-placeholder
  sass (= 3.2.1)

